PATH
  remote: .
  specs:
    hammer_cli_fusor (0.0.1)
      hammer_cli_foreman (>= 0.1.3)

GEM
  remote: https://rubygems.org/
  specs:
    apipie-bindings (0.0.10)
      awesome_print
      json (>= 1.2.1)
      mime-types (~> 1.0)
      oauth
      rest-client (>= 1.6.5, < 1.7)
    awesome_print (1.2.0)
    clamp (0.6.3)
    fast_gettext (0.9.0)
    fastercsv (1.5.5)
    hammer_cli (0.1.3)
      apipie-bindings (>= 0.0.8)
      awesome_print
      clamp
      fast_gettext
      fastercsv
      highline
      json
      locale (<= 2.0.9)
      logging
      mime-types (~> 1.0)
      rest-client (< 1.7.0)
      table_print
    hammer_cli_foreman (0.1.3)
      apipie-bindings (>= 0.0.8)
      hammer_cli (>= 0.1.2)
      rest-client (>= 1.6.5, < 1.7)
    highline (1.6.21)
    json (1.8.1)
    little-plugger (1.1.3)
    locale (2.0.9)
    logging (1.8.2)
      little-plugger (>= 1.1.3)
      multi_json (>= 1.8.4)
    mime-types (1.25.1)
    multi_json (1.10.1)
    oauth (0.4.7)
    rdoc (4.1.2)
      json (~> 1.4)
    rest-client (1.6.8)
      mime-types (~> 1.16)
      rdoc (>= 2.4.2)
    table_print (1.5.3)

PLATFORMS
  ruby

DEPENDENCIES
  hammer_cli_fusor!
